GEM
  remote: http://rubygems.org/
  specs:
    builder (3.1.4)
    childprocess (0.3.9)
      ffi (~> 1.0, >= 1.0.11)
    cucumber (1.3.10)
      builder (>= 2.1.2)
      diff-lcs (>= 1.1.3)
      gherkin (~> 2.12)
      multi_json (>= 1.7.5, < 2.0)
      multi_test (>= 0.0.2)
    diff-lcs (1.2.4)
    ffi (1.9.0)
    gherkin (2.12.2)
      multi_json (~> 1.3)
    multi_json (1.8.2)
    multi_test (0.0.2)
    rspec (2.14.1)
      rspec-core (~> 2.14.0)
      rspec-expectations (~> 2.14.0)
      rspec-mocks (~> 2.14.0)
    rspec-core (2.14.5)
    rspec-expectations (2.14.3)
      diff-lcs (>= 1.1.3, < 2.0)
    rspec-mocks (2.14.3)
    rubyzip (0.9.9)
    selenium-webdriver (2.35.1)
      childprocess (>= 0.2.5)
      multi_json (~> 1.0)
      rubyzip (< 1.0.0)
      websocket (~> 1.0.4)
    websocket (1.0.7)

PLATFORMS
  ruby

DEPENDENCIES
  cucumber
  rspec
  selenium-webdriver
